PATH
  remote: .
  specs:
    paperclip-azure-storage (0.1.5)
      azure-storage-blob (>= 2.0.0, < 3.0.0)
      paperclip (>= 5.1.0, < 7.0.0)

GEM
  remote: https://rubygems.org/
  specs:
    activemodel (5.2.6.2)
      activesupport (= 5.2.6.2)
    activerecord (5.2.6.2)
      activemodel (= 5.2.6.2)
      activesupport (= 5.2.6.2)
      arel (>= 9.0)
    activesupport (5.2.6.2)
      concurrent-ruby (~> 1.0, >= 1.0.2)
      i18n (>= 0.7, < 2)
      minitest (~> 5.1)
      tzinfo (~> 1.1)
    addressable (2.8.0)
      public_suffix (>= 2.0.2, < 5.0)
    arel (9.0.0)
    azure-storage-blob (2.0.3)
      azure-storage-common (~> 2.0)
      nokogiri (~> 1, >= 1.10.8)
    azure-storage-common (2.0.4)
      faraday (~> 1.0)
      faraday_middleware (~> 1.0, >= 1.0.0.rc1)
      net-http-persistent (~> 4.0)
      nokogiri (~> 1, >= 1.10.8)
    climate_control (0.2.0)
    concurrent-ruby (1.1.9)
    connection_pool (2.2.5)
    crack (0.4.5)
      rexml
    diff-lcs (1.5.0)
    faraday (1.0.1)
      multipart-post (>= 1.2, < 3)
    faraday_middleware (1.2.0)
      faraday (~> 1.0)
    hashdiff (1.0.1)
    i18n (1.10.0)
      concurrent-ruby (~> 1.0)
    mime-types (3.4.1)
      mime-types-data (~> 3.2015)
    mime-types-data (3.2022.0105)
    mimemagic (0.3.10)
      nokogiri (~> 1)
      rake
    mini_portile2 (2.4.0)
    minitest (5.15.0)
    multipart-post (2.1.1)
    net-http-persistent (4.0.1)
      connection_pool (~> 2.2)
    nokogiri (1.10.10)
      mini_portile2 (~> 2.4.0)
    paperclip (6.1.0)
      activemodel (>= 4.2.0)
      activesupport (>= 4.2.0)
      mime-types
      mimemagic (~> 0.3.0)
      terrapin (~> 0.6.0)
    public_suffix (4.0.6)
    rake (13.0.6)
    rexml (3.2.5)
    rspec (3.11.0)
      rspec-core (~> 3.11.0)
      rspec-expectations (~> 3.11.0)
      rspec-mocks (~> 3.11.0)
    rspec-core (3.11.0)
      rspec-support (~> 3.11.0)
    rspec-expectations (3.11.0)
      diff-lcs (>= 1.2.0, < 2.0)
      rspec-support (~> 3.11.0)
    rspec-mocks (3.11.0)
      diff-lcs (>= 1.2.0, < 2.0)
      rspec-support (~> 3.11.0)
    rspec-support (3.11.0)
    sqlite3 (1.4.2)
    terrapin (0.6.0)
      climate_control (>= 0.0.3, < 1.0)
    thread_safe (0.3.6)
    tzinfo (1.2.9)
      thread_safe (~> 0.1)
    webmock (3.14.0)
      addressable (>= 2.8.0)
      crack (>= 0.3.2)
      hashdiff (>= 0.4.0, < 2.0.0)

PLATFORMS
  x86_64-darwin-21

DEPENDENCIES
  activerecord (~> 5.2.0)
  paperclip-azure-storage!
  rspec (~> 3.10)
  sqlite3 (~> 1.4)
  webmock (~> 3.14)

BUNDLED WITH
   2.3.7
